PATH
  remote: .
  specs:
    breaker_box (1.0.0)

GEM
  remote: https://rubygems.org/
  specs:
    builder (3.2.0)
    cucumber (1.3.1)
      builder (>= 2.1.2)
      diff-lcs (>= 1.1.3)
      gherkin (~> 2.12.0)
      multi_json (~> 1.3)
    diff-lcs (1.2.4)
    geminabox (0.10.1)
      builder
      httpclient (>= 2.2.7)
      sinatra
    gherkin (2.12.0)
      multi_json (~> 1.3)
    httpclient (2.3.3)
    json (1.7.7)
    multi_json (1.7.3)
    rack (1.5.2)
    rack-protection (1.5.0)
      rack
    rspec (2.13.0)
      rspec-core (~> 2.13.0)
      rspec-expectations (~> 2.13.0)
      rspec-mocks (~> 2.13.0)
    rspec-core (2.13.1)
    rspec-expectations (2.13.0)
      diff-lcs (>= 1.1.3, < 2.0)
    rspec-extra-formatters (0.4)
    rspec-mocks (2.13.1)
    simplecov (0.7.1)
      multi_json (~> 1.0)
      simplecov-html (~> 0.7.1)
    simplecov-html (0.7.1)
    simplecov-rcov (0.2.3)
      simplecov (>= 0.4.1)
    sinatra (1.4.2)
      rack (~> 1.5, >= 1.5.2)
      rack-protection (~> 1.4)
      tilt (~> 1.3, >= 1.3.4)
    tilt (1.4.1)
    timecop (0.6.1)

PLATFORMS
  ruby

DEPENDENCIES
  breaker_box!
  cucumber
  geminabox
  json (= 1.7.7)
  rspec
  rspec-extra-formatters (= 0.4)
  simplecov
  simplecov-rcov
  timecop
