PATH
  remote: .
  specs:
    breaker_box (3.0.1)
      redis (< 4)

GEM
  remote: https://rubygems.org/
  specs:
    backports (3.10.3)
    builder (3.2.3)
    cucumber (3.1.0)
      builder (>= 2.1.2)
      cucumber-core (~> 3.1.0)
      cucumber-expressions (~> 5.0.4)
      cucumber-wire (~> 0.0.1)
      diff-lcs (~> 1.3)
      gherkin (~> 5.0)
      multi_json (>= 1.7.5, < 2.0)
      multi_test (>= 0.1.2)
    cucumber-core (3.1.0)
      backports (>= 3.8.0)
      cucumber-tag_expressions (~> 1.1.0)
      gherkin (>= 5.0.0)
    cucumber-expressions (5.0.7)
    cucumber-tag_expressions (1.1.0)
    cucumber-wire (0.0.1)
    diff-lcs (1.3)
    docile (1.1.5)
    faraday (0.13.1)
      multipart-post (>= 1.2, < 3)
    geminabox (0.13.11)
      builder
      faraday
      httpclient (>= 2.2.7)
      nesty
      reentrant_flock
      sinatra (>= 1.2.7)
    gherkin (5.0.0)
    httpclient (2.8.3)
    json (1.8.6)
    multi_json (1.12.2)
    multi_test (0.1.2)
    multipart-post (2.0.0)
    mustermann (1.0.1)
    nesty (1.0.2)
    rack (2.0.3)
    rack-protection (2.0.0)
      rack
    redis (3.3.5)
    reentrant_flock (0.1.1)
    rspec (3.7.0)
      rspec-core (~> 3.7.0)
      rspec-expectations (~> 3.7.0)
      rspec-mocks (~> 3.7.0)
    rspec-core (3.7.0)
      rspec-support (~> 3.7.0)
    rspec-expectations (3.7.0)
      diff-lcs (>= 1.2.0, < 2.0)
      rspec-support (~> 3.7.0)
    rspec-extra-formatters (0.4)
    rspec-mocks (3.7.0)
      diff-lcs (>= 1.2.0, < 2.0)
      rspec-support (~> 3.7.0)
    rspec-support (3.7.0)
    simplecov (0.15.1)
      docile (~> 1.1.0)
      json (>= 1.8, < 3)
      simplecov-html (~> 0.10.0)
    simplecov-html (0.10.2)
    simplecov-rcov (0.2.3)
      simplecov (>= 0.4.1)
    sinatra (2.0.0)
      mustermann (~> 1.0)
      rack (~> 2.0)
      rack-protection (= 2.0.0)
      tilt (~> 2.0)
    tilt (2.0.8)
    timecop (0.9.1)

PLATFORMS
  ruby

DEPENDENCIES
  breaker_box!
  cucumber
  geminabox
  json (< 2)
  rspec
  rspec-extra-formatters (= 0.4)
  simplecov
  simplecov-rcov
  timecop

BUNDLED WITH
   1.16.0
